GEM
  remote: https://rubygems.org/
  specs:
    activesupport (4.2.3)
      i18n (~> 0.7)
      json (~> 1.7, >= 1.7.7)
      minitest (~> 5.1)
      thread_safe (~> 0.3, >= 0.3.4)
      tzinfo (~> 1.1)
    backports (3.6.5)
    base32 (0.3.2)
    chunky_png (1.3.4)
    daemons (1.2.3)
    eventmachine (1.0.7)
    i18n (0.7.0)
    json (1.8.3)
    kramdown (1.6.0)
    minitest (5.7.0)
    multi_json (1.11.2)
    rack (1.6.4)
    rack-protection (1.5.3)
      rack
    rack-test (0.6.3)
      rack (>= 1.0)
    rotp (2.1.1)
    rqrcode (0.6.0)
      chunky_png
    rqrcode_png (0.1.5)
      chunky_png
      rqrcode
    shotgun (0.9.1)
      rack (>= 1.0)
    sinatra (1.4.6)
      rack (~> 1.4)
      rack-protection (~> 1.4)
      tilt (>= 1.3, < 3)
    sinatra-contrib (1.4.6)
      backports (>= 2.0)
      multi_json
      rack-protection
      rack-test
      sinatra (~> 1.4.0)
      tilt (>= 1.3, < 3)
    thin (1.6.3)
      daemons (~> 1.0, >= 1.0.9)
      eventmachine (~> 1.0)
      rack (~> 1.0)
    thread_safe (0.3.5)
    tilt (2.0.1)
    tzinfo (1.2.2)
      thread_safe (~> 0.1)

PLATFORMS
  ruby
  x86-mingw32

DEPENDENCIES
  activesupport
  base32
  kramdown
  rotp
  rqrcode_png
  shotgun
  sinatra
  sinatra-contrib
  thin

BUNDLED WITH
   1.10.6
